GEM
  remote: https://rubygems.org/
  specs:
    diff-lcs (1.2.5)
    docile (1.1.3)
    mini_magick (3.7.0)
      subexec (~> 0.2.1)
    multi_json (1.10.0)
    rake (10.3.1)
    rspec (2.14.1)
      rspec-core (~> 2.14.0)
      rspec-expectations (~> 2.14.0)
      rspec-mocks (~> 2.14.0)
    rspec-core (2.14.8)
    rspec-expectations (2.14.5)
      diff-lcs (>= 1.1.3, < 2.0)
    rspec-mocks (2.14.6)
    simplecov (0.8.2)
      docile (~> 1.1.0)
      multi_json
      simplecov-html (~> 0.8.0)
    simplecov-html (0.8.0)
    subexec (0.2.3)

PLATFORMS
  ruby

DEPENDENCIES
  mini_magick
  rake
  rspec
  simplecov
